GEM
  remote: http://rubygems.org/
  specs:
    cinch (2.0.3)
    cinch-basic_ctcp (1.0.2)
      cinch (~> 2.0)
    configru (0.5.0)
    tzinfo (0.3.33)
    urbanterror (3.0.0)

PLATFORMS
  ruby

DEPENDENCIES
  cinch
  cinch-basic_ctcp
  configru (~> 0.5.0)
  tzinfo
  urbanterror
